PATH
  remote: ..
  specs:
    roda-enhanced_logger (0.4.0)
      roda (>= 3.19.0)
      tty-logger (>= 0.3, < 1.0)

GEM
  remote: https://rubygems.org/
  specs:
    pastel (0.8.0)
      tty-color (~> 0.5)
    rack (2.2.4)
    roda (3.38.0)
      rack
    sequel (5.38.0)
    tty-color (0.6.0)
    tty-logger (0.6.0)
      pastel (~> 0.8)
    webrick (1.7.0)

PLATFORMS
  ruby

DEPENDENCIES
  roda
  roda-enhanced_logger!
  sequel
  webrick (~> 1.7)

BUNDLED WITH
   2.1.4
