PATH
  remote: ..
  specs:
    roda-enhanced_logger (0.5.0)
      roda (>= 3.19.0)
      tty-logger (>= 0.3, < 1.0)

GEM
  remote: https://rubygems.org/
  specs:
    pastel (0.8.0)
      tty-color (~> 0.5)
    rack (3.0.9.1)
    rackup (2.0.0)
      rack (>= 3)
      webrick
    roda (3.57.0)
      rack
    sequel (5.58.0)
    tty-color (0.6.0)
    tty-logger (0.6.0)
      pastel (~> 0.8)
    webrick (1.7.0)

PLATFORMS
  ruby

DEPENDENCIES
  rackup (~> 2.0)
  roda
  roda-enhanced_logger!
  sequel
  webrick (~> 1.7)

BUNDLED WITH
   2.1.4
