PATH
  remote: .
  specs:
    roda-enhanced_logger (0.1.0)
      roda (>= 3.19.0)
      tty-logger (>= 0.3, < 1.0)

GEM
  remote: https://rubygems.org/
  specs:
    coderay (1.1.2)
    diff-lcs (1.3)
    equatable (0.6.1)
    method_source (0.9.2)
    pastel (0.7.3)
      equatable (~> 0.6)
      tty-color (~> 0.5)
    pry (0.12.2)
      coderay (~> 1.1.0)
      method_source (~> 0.9.0)
    rack (2.2.3)
    roda (3.27.0)
      rack
    rspec (3.9.0)
      rspec-core (~> 3.9.0)
      rspec-expectations (~> 3.9.0)
      rspec-mocks (~> 3.9.0)
    rspec-core (3.9.0)
      rspec-support (~> 3.9.0)
    rspec-expectations (3.9.0)
      diff-lcs (>= 1.2.0, < 2.0)
      rspec-support (~> 3.9.0)
    rspec-mocks (3.9.0)
      diff-lcs (>= 1.2.0, < 2.0)
      rspec-support (~> 3.9.0)
    rspec-support (3.9.0)
    sequel (5.24.0)
    tty-color (0.5.0)
    tty-logger (0.3.0)
      pastel (~> 0.7.0)
    warning (0.10.1)

PLATFORMS
  ruby

DEPENDENCIES
  pry
  roda-enhanced_logger!
  rspec
  sequel (~> 5.24.0)
  warning
